GEM
  remote: https://rubygems.org/
  specs:
    chunky_png (1.4.0)
    compass (0.12.7)
      chunky_png (~> 1.2)
      fssm (>= 0.2.7)
      sass (~> 3.2.19)
    foreman (0.61.0)
      thor (>= 0.13.6)
    fssm (0.2.10)
    sass (3.2.19)
    susy (1.0.9)
      compass (>= 0.12.2)
      sass (>= 3.2.0)
    thor (0.17.0)

PLATFORMS
  ruby

DEPENDENCIES
  compass (~> 0.12.7)
  foreman (~> 0.61.0)
  sass (~> 3.2.19)
  susy (~> 1.0.9)

BUNDLED WITH
   2.1.4
